GEM
  remote: http://rubygems.org/
  specs:
    shlint (0.1.6)

PLATFORMS
  ruby

DEPENDENCIES
  shlint (~> 0.1.6)

BUNDLED WITH
   2.1.4
